GEM
  remote: https://rubygems.org/
  specs:
<<<<<<< HEAD
    actioncable (5.0.0.1)
      actionpack (= 5.0.0.1)
      nio4r (~> 1.2)
      websocket-driver (~> 0.6.1)
    actionmailer (5.0.0.1)
      actionpack (= 5.0.0.1)
      actionview (= 5.0.0.1)
      activejob (= 5.0.0.1)
      mail (~> 2.5, >= 2.5.4)
      rails-dom-testing (~> 2.0)
    actionpack (5.0.0.1)
      actionview (= 5.0.0.1)
      activesupport (= 5.0.0.1)
=======
    actioncable (5.0.2)
      actionpack (= 5.0.2)
      nio4r (>= 1.2, < 3.0)
      websocket-driver (~> 0.6.1)
    actionmailer (5.0.2)
      actionpack (= 5.0.2)
      actionview (= 5.0.2)
      activejob (= 5.0.2)
      mail (~> 2.5, >= 2.5.4)
      rails-dom-testing (~> 2.0)
    actionpack (5.0.2)
      actionview (= 5.0.2)
      activesupport (= 5.0.2)
>>>>>>> 06bd80de00265842297bfebf74763c7eea639716
      rack (~> 2.0)
      rack-test (~> 0.6.3)
      rails-dom-testing (~> 2.0)
      rails-html-sanitizer (~> 1.0, >= 1.0.2)
<<<<<<< HEAD
    actionview (5.0.0.1)
      activesupport (= 5.0.0.1)
      builder (~> 3.1)
      erubis (~> 2.7.0)
      rails-dom-testing (~> 2.0)
      rails-html-sanitizer (~> 1.0, >= 1.0.2)
    activejob (5.0.0.1)
      activesupport (= 5.0.0.1)
      globalid (>= 0.3.6)
    activemodel (5.0.0.1)
      activesupport (= 5.0.0.1)
    activerecord (5.0.0.1)
      activemodel (= 5.0.0.1)
      activesupport (= 5.0.0.1)
      arel (~> 7.0)
    activesupport (5.0.0.1)
=======
    actionview (5.0.2)
      activesupport (= 5.0.2)
      builder (~> 3.1)
      erubis (~> 2.7.0)
      rails-dom-testing (~> 2.0)
      rails-html-sanitizer (~> 1.0, >= 1.0.3)
    activejob (5.0.2)
      activesupport (= 5.0.2)
      globalid (>= 0.3.6)
    activemodel (5.0.2)
      activesupport (= 5.0.2)
    activerecord (5.0.2)
      activemodel (= 5.0.2)
      activesupport (= 5.0.2)
      arel (~> 7.0)
    activesupport (5.0.2)
>>>>>>> 06bd80de00265842297bfebf74763c7eea639716
      concurrent-ruby (~> 1.0, >= 1.0.2)
      i18n (~> 0.7)
      minitest (~> 5.1)
      tzinfo (~> 1.1)
<<<<<<< HEAD
    alert_message (1.1.6)
      jquery-rails (>= 3.0, < 5)
    arel (7.1.4)
    autoprefixer-rails (6.7.7.1)
      execjs
=======
    alert_message (1.1.7)
    arel (7.1.4)
>>>>>>> 06bd80de00265842297bfebf74763c7eea639716
    bcrypt (3.1.11)
    better_errors (2.1.1)
      coderay (>= 1.0.0)
      erubis (>= 2.6.6)
      rack (>= 0.9.0)
<<<<<<< HEAD
    bootstrap (4.0.0.alpha6)
      autoprefixer-rails (>= 6.0.3)
      sass (>= 3.4.19)
=======
    bindex (0.5.0)
>>>>>>> 06bd80de00265842297bfebf74763c7eea639716
    bootstrap-wysihtml5-rails (0.3.3.8)
      railties (>= 3.0)
    bootstrap-wysihtml5-rails-font-awesome (0.3.1.25)
      railties (>= 3.0)
    bourbon (4.2.7)
      sass (~> 3.4)
      thor (~> 0.19)
<<<<<<< HEAD
    builder (3.2.2)
    byebug (9.0.6)
    cancancan (1.15.0)
=======
    builder (3.2.3)
    byebug (9.0.6)
    cancancan (1.16.0)
>>>>>>> 06bd80de00265842297bfebf74763c7eea639716
    carrierwave (0.11.2)
      activemodel (>= 3.2.0)
      activesupport (>= 3.2.0)
      json (>= 1.7)
      mime-types (>= 1.16)
      mimemagic (>= 0.3.0)
<<<<<<< HEAD
    carrierwave-ftp (0.2.8)
=======
    carrierwave-ftp (0.3.0)
>>>>>>> 06bd80de00265842297bfebf74763c7eea639716
      carrierwave (>= 0.6.2)
      net-sftp (~> 2.1.2)
    coderay (1.1.1)
    coffee-rails (4.2.1)
      coffee-script (>= 2.2.0)
      railties (>= 4.0.0, < 5.2.x)
    coffee-script (2.4.1)
      coffee-script-source
      execjs
<<<<<<< HEAD
    coffee-script-source (1.10.0)
    concurrent-ruby (1.0.2)
    debug_inspector (0.0.2)
    devise (4.2.0)
=======
    coffee-script-source (1.12.2)
    concurrent-ruby (1.0.5)
    croppie_rails (1.2.0)
    devise (4.2.1)
>>>>>>> 06bd80de00265842297bfebf74763c7eea639716
      bcrypt (~> 3.0)
      orm_adapter (~> 0.1)
      railties (>= 4.1.0, < 5.1)
      responders
      warden (~> 1.2.3)
<<<<<<< HEAD
    devise-bootstrap-views (0.0.11)
    devise-i18n (1.1.1)
=======
    devise-i18n (1.1.2)
    dropzonejs-rails (0.7.3)
      rails (> 3.1)
    elasticsearch (5.0.4)
      elasticsearch-api (= 5.0.4)
      elasticsearch-transport (= 5.0.4)
    elasticsearch-api (5.0.4)
      multi_json
    elasticsearch-transport (5.0.4)
      faraday
      multi_json
>>>>>>> 06bd80de00265842297bfebf74763c7eea639716
    email_validator (1.6.0)
      activemodel
    erubis (2.7.0)
    execjs (2.7.0)
<<<<<<< HEAD
    ffi (1.9.14)
    figaro (1.1.1)
      thor (~> 0.14)
    font-awesome-rails (4.7.0.0)
      railties (>= 3.2, < 5.1)
    friendly_id (5.1.0)
=======
    faraday (0.12.0.1)
      multipart-post (>= 1.2, < 3)
    ffi (1.9.18)
    figaro (1.1.1)
      thor (~> 0.14)
    font-awesome-rails (4.7.0.1)
      railties (>= 3.2, < 5.1)
    friendly_id (5.2.1)
>>>>>>> 06bd80de00265842297bfebf74763c7eea639716
      activerecord (>= 4.0.0)
    globalid (0.3.7)
      activesupport (>= 4.1.0)
    haml (4.0.7)
      tilt
<<<<<<< HEAD
    htmlcompressor (0.3.1)
    i18n (0.7.0)
    jbuilder (2.6.0)
      activesupport (>= 3.0.0, < 5.1)
      multi_json (~> 1.2)
    jquery-rails (4.2.1)
=======
    hashie (3.5.5)
    htmlcompressor (0.3.1)
    i18n (0.8.1)
    jbuilder (2.6.3)
      activesupport (>= 3.0.0, < 5.2)
      multi_json (~> 1.2)
    jquery-rails (4.3.1)
>>>>>>> 06bd80de00265842297bfebf74763c7eea639716
      rails-dom-testing (>= 1, < 3)
      railties (>= 4.2.0)
      thor (>= 0.14, < 2.0)
    jquery-ui-rails (5.0.5)
      railties (>= 3.2.16)
<<<<<<< HEAD
    json (2.0.2)
    kaminari (0.17.0)
      actionpack (>= 3.0.0)
      activesupport (>= 3.0.0)
    libv8 (3.16.14.15)
    listen (3.0.8)
      rb-fsevent (~> 0.9, >= 0.9.4)
      rb-inotify (~> 0.9, >= 0.9.7)
=======
    json (2.0.3)
    kaminari (0.17.0)
      actionpack (>= 3.0.0)
      activesupport (>= 3.0.0)
    libv8 (3.16.14.19)
    listen (3.1.5)
      rb-fsevent (~> 0.9, >= 0.9.4)
      rb-inotify (~> 0.9, >= 0.9.7)
      ruby_dep (~> 1.2)
>>>>>>> 06bd80de00265842297bfebf74763c7eea639716
    loofah (2.0.3)
      nokogiri (>= 1.5.9)
    mail (2.6.4)
      mime-types (>= 1.16, < 4)
<<<<<<< HEAD
    meta-tags (2.3.1)
=======
    medium-editor-rails (2.3.1)
      railties (>= 3.0)
    meta-tags (2.4.0)
>>>>>>> 06bd80de00265842297bfebf74763c7eea639716
      actionpack (>= 3.2.0, <= 5.1.0)
    method_source (0.8.2)
    mime-types (3.1)
      mime-types-data (~> 3.2015)
    mime-types-data (3.2016.0521)
    mimemagic (0.3.2)
    mina (0.3.8)
      open4 (~> 1.3.4)
      rake
<<<<<<< HEAD
    mini_magick (4.5.1)
    mini_portile2 (2.1.0)
    minitest (5.9.1)
    modernizr-rails (2.7.1)
    multi_json (1.12.1)
=======
    mini_magick (4.7.0)
    mini_portile2 (2.1.0)
    minitest (5.10.1)
    modernizr-rails (2.7.1)
    multi_json (1.12.1)
    multipart-post (2.0.0)
>>>>>>> 06bd80de00265842297bfebf74763c7eea639716
    neat (1.8.0)
      sass (>= 3.3)
      thor (~> 0.19)
    nested_form (0.3.2)
    net-sftp (2.1.2)
      net-ssh (>= 2.6.5)
<<<<<<< HEAD
    net-ssh (3.2.0)
    nio4r (1.2.1)
    nokogiri (1.6.8.1)
      mini_portile2 (~> 2.1.0)
    open4 (1.3.4)
    orm_adapter (0.5.0)
    owlcarousel2-rails (2.1.0)
    passenger (5.0.30)
      rack
      rake (>= 0.8.1)
    pg (0.19.0)
    polyglot (0.3.5)
    puma (3.6.0)
=======
    net-ssh (4.1.0)
    nio4r (2.0.0)
    nokogiri (1.7.1)
      mini_portile2 (~> 2.1.0)
    open4 (1.3.4)
    orm_adapter (0.5.0)
    owlcarousel-rails (0.1.31)
      jquery-rails
    owlcarousel2-rails (2.1.0)
    passenger (5.1.2)
      rack
      rake (>= 0.8.1)
    perfect-scrollbar-rails (0.6.15)
      railties (>= 3.2, < 6.0)
    pg (0.20.0)
    polyglot (0.3.5)
    puma (3.8.2)
>>>>>>> 06bd80de00265842297bfebf74763c7eea639716
    rack (2.0.1)
    rack-accept (0.4.5)
      rack (>= 0.4)
    rack-pjax (1.0.0)
      nokogiri (~> 1.5)
      rack (>= 1.1)
    rack-test (0.6.3)
      rack (>= 1.0)
<<<<<<< HEAD
    rails (5.0.0.1)
      actioncable (= 5.0.0.1)
      actionmailer (= 5.0.0.1)
      actionpack (= 5.0.0.1)
      actionview (= 5.0.0.1)
      activejob (= 5.0.0.1)
      activemodel (= 5.0.0.1)
      activerecord (= 5.0.0.1)
      activesupport (= 5.0.0.1)
      bundler (>= 1.3.0, < 2.0)
      railties (= 5.0.0.1)
      sprockets-rails (>= 2.0.0)
    rails-dom-testing (2.0.1)
      activesupport (>= 4.2.0, < 6.0)
      nokogiri (~> 1.6.0)
    rails-env (1.0.6)
    rails-html-sanitizer (1.0.3)
      loofah (~> 2.0)
    rails_admin (1.1.0)
=======
    rails (5.0.2)
      actioncable (= 5.0.2)
      actionmailer (= 5.0.2)
      actionpack (= 5.0.2)
      actionview (= 5.0.2)
      activejob (= 5.0.2)
      activemodel (= 5.0.2)
      activerecord (= 5.0.2)
      activesupport (= 5.0.2)
      bundler (>= 1.3.0, < 2.0)
      railties (= 5.0.2)
      sprockets-rails (>= 2.0.0)
    rails-dom-testing (2.0.2)
      activesupport (>= 4.2.0, < 6.0)
      nokogiri (~> 1.6)
    rails-env (1.0.6)
    rails-html-sanitizer (1.0.3)
      loofah (~> 2.0)
    rails_admin (1.1.1)
>>>>>>> 06bd80de00265842297bfebf74763c7eea639716
      builder (~> 3.1)
      coffee-rails (~> 4.0)
      font-awesome-rails (>= 3.0, < 5)
      haml (~> 4.0)
      jquery-rails (>= 3.0, < 5)
      jquery-ui-rails (~> 5.0)
      kaminari (~> 0.14)
      nested_form (~> 0.3)
      rack-pjax (>= 0.7)
      rails (>= 4.0, < 6)
      remotipart (~> 1.3)
      sass-rails (>= 4.0, < 6)
<<<<<<< HEAD
    rails_admin-i18n (1.11.0)
    railties (5.0.0.1)
      actionpack (= 5.0.0.1)
      activesupport (= 5.0.0.1)
      method_source
      rake (>= 0.8.7)
      thor (>= 0.18.1, < 2.0)
    rake (11.3.0)
    randumb (0.5.0)
      activerecord (>= 3.0.0)
      activesupport (>= 3.0.0)
      rake
    rb-fsevent (0.9.8)
    rb-inotify (0.9.7)
      ffi (>= 0.5.0)
    ref (2.0.0)
    remotipart (1.3.1)
    rename (1.0.2)
      rails (>= 3.0.0)
    responders (2.3.0)
      railties (>= 4.2.0, < 5.1)
    sass (3.4.22)
=======
    rails_admin-i18n (1.11.1)
    rails_admin_content_builder (1.2.0)
      carrierwave (~> 0.11.0)
      friendly_id (~> 5.1, >= 5.1.0)
      medium-editor-rails (~> 2.1, >= 2.1.0)
      mini_magick (~> 4.5, >= 4.5.1)
      rails-html-sanitizer (~> 1.0, >= 1.0.0)
      search_cop (~> 1.0, >= 1.0.6)
      simple_form (~> 3.2)
    rails_admin_dropzone (1.0.8)
      dropzonejs-rails (~> 0.7.3)
      jquery-rails (>= 3.0, < 5)
      simple_form (~> 3.2)
    rails_admin_featured_content (1.2.3)
      carrierwave (~> 0.11, >= 0.11.0)
      croppie_rails (~> 1.2, >= 1.2.0)
      friendly_id (~> 5.1, >= 5.1.0)
      medium-editor-rails (~> 2.1, >= 2.1.0)
      mini_magick (~> 4.5, >= 4.5.1)
      owlcarousel-rails (~> 0)
      rails-html-sanitizer (~> 1.0, >= 1.0.3)
      simple_form (~> 3.2)
    railties (5.0.2)
      actionpack (= 5.0.2)
      activesupport (= 5.0.2)
      method_source
      rake (>= 0.8.7)
      thor (>= 0.18.1, < 2.0)
    rake (12.0.0)
    randumb (0.5.2)
      activerecord (>= 3.0.20)
      activesupport (>= 3.0.20)
      rake
    rb-fsevent (0.9.8)
    rb-inotify (0.9.8)
      ffi (>= 0.5.0)
    ref (2.0.0)
    remotipart (1.3.1)
    rename (1.0.5)
      activesupport
      rails (>= 3.0.0)
      thor (= 0.19.1)
    responders (2.3.0)
      railties (>= 4.2.0, < 5.1)
    ruby_dep (1.5.0)
    sass (3.4.23)
>>>>>>> 06bd80de00265842297bfebf74763c7eea639716
    sass-rails (5.0.6)
      railties (>= 4.0.0, < 6)
      sass (~> 3.1)
      sprockets (>= 2.8, < 4.0)
      sprockets-rails (>= 2.0, < 4.0)
      tilt (>= 1.1, < 3)
    search_cop (1.0.8)
      treetop
<<<<<<< HEAD
    simple_captcha2 (0.4.0)
      rails (>= 4.1)
    spring (2.0.0)
=======
    searchkick (1.4.2)
      activemodel
      elasticsearch (>= 1)
      hashie
    simple_captcha2 (0.4.3)
      rails (>= 4.1)
    simple_form (3.4.0)
      actionpack (> 4, < 5.1)
      activemodel (> 4, < 5.1)
    spring (2.0.1)
>>>>>>> 06bd80de00265842297bfebf74763c7eea639716
      activesupport (>= 4.2)
    spring-watcher-listen (2.0.1)
      listen (>= 2.7, < 4.0)
      spring (>= 1.2, < 3.0)
<<<<<<< HEAD
    sprockets (3.7.0)
=======
    sprockets (3.7.1)
>>>>>>> 06bd80de00265842297bfebf74763c7eea639716
      concurrent-ruby (~> 1.0)
      rack (> 1, < 3)
    sprockets-rails (3.2.0)
      actionpack (>= 4.0)
      activesupport (>= 4.0)
      sprockets (>= 3.0.0)
<<<<<<< HEAD
    therubyracer (0.12.2)
      libv8 (~> 3.16.14.0)
      ref
    thor (0.19.1)
    thread_safe (0.3.5)
    tilt (2.0.5)
=======
    therubyracer (0.12.3)
      libv8 (~> 3.16.14.15)
      ref
    thor (0.19.1)
    thread_safe (0.3.6)
    tilt (2.0.7)
>>>>>>> 06bd80de00265842297bfebf74763c7eea639716
    treetop (1.6.8)
      polyglot (~> 0.3)
    turbolinks (5.0.1)
      turbolinks-source (~> 5)
    turbolinks-source (5.0.0)
    turnout (2.4.0)
      i18n (~> 0.7)
      rack (>= 1.3, < 3)
      rack-accept (~> 0.4)
      tilt (>= 1.4, < 3)
<<<<<<< HEAD
    tzinfo (1.2.2)
      thread_safe (~> 0.1)
    uglifier (3.0.3)
      execjs (>= 0.3.0, < 3)
    warden (1.2.6)
      rack (>= 1.0)
    web-console (3.4.0)
      actionview (>= 5.0)
      activemodel (>= 5.0)
      debug_inspector
      railties (>= 5.0)
    websocket-driver (0.6.4)
      websocket-extensions (>= 0.1.0)
    websocket-extensions (0.1.2)
=======
    tzinfo (1.2.3)
      thread_safe (~> 0.1)
    uglifier (3.2.0)
      execjs (>= 0.3.0, < 3)
    warden (1.2.7)
      rack (>= 1.0)
    web-console (3.5.0)
      actionview (>= 5.0)
      activemodel (>= 5.0)
      bindex (>= 0.4.0)
      railties (>= 5.0)
    websocket-driver (0.6.5)
      websocket-extensions (>= 0.1.0)
    websocket-extensions (0.1.2)
    youtube_rails (1.2.2)
>>>>>>> 06bd80de00265842297bfebf74763c7eea639716

PLATFORMS
  ruby

DEPENDENCIES
  alert_message
  better_errors
<<<<<<< HEAD
  bootstrap
  bootstrap-wysihtml5-rails
  bootstrap-wysihtml5-rails-font-awesome (~> 0.3.1.25)
  bourbon
=======
  bootstrap-wysihtml5-rails
  bootstrap-wysihtml5-rails-font-awesome (~> 0.3.1.25)
  bourbon (~> 4.2.7)
>>>>>>> 06bd80de00265842297bfebf74763c7eea639716
  byebug
  cancancan
  carrierwave
  carrierwave-ftp
  coffee-rails (~> 4.2)
  devise
<<<<<<< HEAD
  devise-bootstrap-views
  devise-i18n
  email_validator
  figaro
  font-awesome-rails
=======
  devise-i18n
  email_validator
  figaro
>>>>>>> 06bd80de00265842297bfebf74763c7eea639716
  friendly_id
  htmlcompressor
  jbuilder (~> 2.5)
  jquery-rails
<<<<<<< HEAD
  kaminari
  listen (~> 3.0.5)
=======
  jquery-ui-rails
  kaminari
  listen (~> 3.1.5)
>>>>>>> 06bd80de00265842297bfebf74763c7eea639716
  meta-tags
  mina (= 0.3.8)
  mini_magick
  modernizr-rails
<<<<<<< HEAD
  neat
  owlcarousel2-rails
  passenger
=======
  neat (~> 1.8.0)
  owlcarousel-rails
  owlcarousel2-rails
  passenger
  perfect-scrollbar-rails
>>>>>>> 06bd80de00265842297bfebf74763c7eea639716
  pg
  puma (~> 3.0)
  rails (~> 5.0.0)
  rails-env
  rails_admin
  rails_admin-i18n
<<<<<<< HEAD
  randumb
  rename
  sass-rails (~> 5.0)
  search_cop
=======
  rails_admin_content_builder
  rails_admin_dropzone
  rails_admin_featured_content
  randumb
  rename
  sass-rails (~> 5.0)
  searchkick (= 1.4.2)
>>>>>>> 06bd80de00265842297bfebf74763c7eea639716
  simple_captcha2
  spring
  spring-watcher-listen (~> 2.0.0)
  therubyracer
  turbolinks (~> 5)
  turnout
  tzinfo-data
  uglifier (>= 1.3.0)
  web-console
<<<<<<< HEAD
=======
  youtube_rails
>>>>>>> 06bd80de00265842297bfebf74763c7eea639716

RUBY VERSION
   ruby 2.3.1p112

BUNDLED WITH
   1.13.6
